PATH
  remote: .
  specs:
    javascript_features (1.0.3)
      jsmin

GEM
  remote: http://rubygems.org/
  specs:
    activesupport (3.0.1)
    envjs (0.3.7)
      johnson (>= 2.0.0.pre3)
    harmony (0.5.6)
      envjs (= 0.3.7)
      johnson (= 2.0.0.pre3)
    johnson (2.0.0.pre3)
      stackdeck (~> 0.2)
    jslint_on_rails (1.0.3)
    jsmin (1.0.1)
    json (1.4.6)
    rack (2.0.8)
    rack-test (0.5.6)
      rack (>= 1.0)
    redgreen (1.2.2)
    shoulda (2.11.3)
    stackdeck (0.2.0)

PLATFORMS
  ruby

DEPENDENCIES
  activesupport
  harmony
  javascript_features!
  jslint_on_rails
  json
  rack-test
  redgreen
  shoulda
